GEM
  remote: http://rubygems.org/
  remote: http://gemcutter.org/
  specs:
    albacore (0.3.5)
      rubyzip
    rake (10.1.0)
    rubyzip (0.9.9)
    version_bumper (0.3.0)

PLATFORMS
  x86-mingw32

DEPENDENCIES
  albacore (~> 0.3.0)
  rake
  version_bumper
